{
  "aor": 0.0033074579831932766,
  "aqi": 0.02968611733193277,
  "bids_meta": {
    "AcquisitionMatrixPE": 104,
    "AcquisitionNumber": 1,
    "AcquisitionTime": "15:31:8.507500",
    "BandwidthPerPixelPhaseEncode": 17.17,
    "BaseResolution": 104,
    "BodyPartExamined": "BRAIN",
    "CoilString": "HC1-7;NC1_2",
    "ConsistencyInfo": "N4_VE11C_LATEST_20160120",
    "ConversionSoftware": "dcm2niix",
    "ConversionSoftwareVersion": "v1.0.20190902",
    "DerivedVendorReportedEchoSpacing": 0.000560011,
    "DeviceSerialNumber": "167006",
    "DwellTime": 2.1e-6,
    "EchoTime": 0.037,
    "EchoTrainLength": 104,
    "EffectiveEchoSpacing": 0.000560011,
    "FileSize": 0.4611160699278116,
    "FileSizeUnits": "GB",
    "FlipAngle": 52,
    "ImageComments": "Unaliased_MB4_PE3_LB",
    "ImageOrientationPatientDICOM": [
      0.999556,
      -0.0262214,
      0.0141591,
      0.0296661,
      0.920576,
      -0.389435
    ],
    "ImageType": [
      "ORIGINAL",
      "PRIMARY",
      "M",
      "MB",
      "ND",
      "MOSAIC"
    ],
    "ImagingFrequency": 123.259,
    "InPlanePhaseEncodingDirectionDICOM": "COL",
    "InstitutionAddress": "Chemin_Queen-Mary_4565_Montreal_District_CA_H3W_1W5",
    "InstitutionName": "IUGM",
    "InstitutionalDepartmentName": "Department",
    "MRAcquisitionType": "2D",
    "MagneticFieldStrength": 3,
    "Manufacturer": "Siemens",
    "ManufacturersModelName": "Prisma_fit",
    "Modality": "MR",
    "MultibandAccelerationFactor": 4,
    "NumberOfVolumes": 477,
    "PartialFourier": 1,
    "PatientPosition": "HFS",
    "PercentPhaseFOV": 100,
    "PhaseEncodingDirection": "j",
    "PhaseEncodingSteps": 104,
    "PhaseResolution": 1,
    "PixelBandwidth": 2290,
    "ProcedureStepDescription": "games_shinobi",
    "ProtocolName": "func_task-shinobi_run-1",
    "PulseSequenceDetails": "%CustomerSeq%_cmrr_mbep2d_bold",
    "ReceiveCoilActiveElements": "HC1-7;NC1,2",
    "ReceiveCoilName": "HeadNeck_64",
    "ReconMatrixPE": 104,
    "RepetitionTime": 1.49,
    "SAR": 0.0303228,
    "ScanOptions": "FS",
    "ScanningSequence": "EP",
    "SequenceName": "epfid2d1_104",
    "SequenceVariant": "SK_SS",
    "SeriesDescription": "func_task-shinobi_run-1",
    "SeriesNumber": 11,
    "ShimSetting": [
      639,
      -7244,
      -8883,
      576,
      37,
      -240,
      -99,
      0
    ],
    "SliceThickness": 2,
    "SliceTiming": [
      0,
      0.7825,
      0.0975,
      0.8825,
      0.195,
      0.98,
      0.2925,
      1.0775,
      0.3925,
      1.175,
      0.49,
      1.2725,
      0.5875,
      1.3725,
      0.685,
      0,
      0.7825,
      0.0975,
      0.8825,
      0.195,
      0.98,
      0.2925,
      1.0775,
      0.3925,
      1.175,
      0.49,
      1.2725,
      0.5875,
      1.3725,
      0.685,
      0,
      0.7825,
      0.0975,
      0.8825,
      0.195,
      0.98,
      0.2925,
      1.0775,
      0.3925,
      1.175,
      0.49,
      1.2725,
      0.5875,
      1.3725,
      0.685,
      0,
      0.7825,
      0.0975,
      0.8825,
      0.195,
      0.98,
      0.2925,
      1.0775,
      0.3925,
      1.175,
      0.49,
      1.2725,
      0.5875,
      1.3725,
      0.685
    ],
    "SoftwareVersions": "syngo_MR_E11",
    "SpacingBetweenSlices": 2,
    "StationName": "MRC35049",
    "TaskName": "shinobi",
    "TotalReadoutTime": 0.0576811,
    "TxRefAmp": 220.513,
    "WipMemBlock": "6a4ab35d-e666-494f-9613-676c085f6ffe||Sequence: R016 ve11c/master r/e634e98; Dec 19 2017 11:00:25 by eja",
    "dataset": "<unset>",
    "datatype": "func",
    "dcmmeta_affine": [
      [
        -1.9991117715835571,
        0.05933212861418724,
        0.005646075587719679,
        103.88074493408203
      ],
      [
        0.05244285985827446,
        1.841152310371399,
        -0.7793638110160828,
        -63.748111724853516
      ],
      [
        0.028318297117948532,
        0.77886962890625,
        1.8418904542922974,
        -84.5252685546875
      ],
      [
        0.0,
        0.0,
        0.0,
        1.0
      ]
    ],
    "dcmmeta_reorient_transform": [
      [
        0.0,
        -1.0,
        0.0,
        103.0
      ],
      [
        1.0,
        0.0,
        0.0,
        0.0
      ],
      [
        0.0,
        0.0,
        1.0,
        0.0
      ],
      [
        0.0,
        0.0,
        0.0,
        1.0
      ]
    ],
    "dcmmeta_shape": [
      104,
      104,
      60,
      477
    ],
    "dcmmeta_slice_dim": 2,
    "dcmmeta_version": 0.6,
    "extension": ".nii.gz",
    "global": {
      "const": {
        "AcquisitionMatrix": [
          104,
          0,
          0,
          104
        ],
        "AngioFlag": "N",
        "BitsAllocated": 16,
        "BitsStored": 16,
        "BodyPartExamined": "BRAIN",
        "Columns": 832,
        "EchoNumbers": 1,
        "EchoTime": 37.0,
        "EchoTrainLength": 104,
        "FlipAngle": 52.0,
        "HighBit": 15,
        "ImageOrientationPatient": [
          0.99955587893896,
          -0.026221429751,
          0.01415914899943,
          0.02966606371959,
          0.92057615712427,
          -0.3894348001883
        ],
        "ImagePositionPatient": [
          -859.26552642246,
          -776.98081872145,
          268.89897756184
        ],
        "ImageType": [
          "ORIGINAL",
          "PRIMARY",
          "M",
          "MB",
          "ND",
          "MOSAIC"
        ],
        "ImagedNucleus": "1H",
        "ImagingFrequency": 123.259048,
        "InPlanePhaseEncodingDirection": "COL",
        "MRAcquisitionType": "2D",
        "MagneticFieldStrength": 3.0,
        "Manufacturer": "SIEMENS",
        "ManufacturerModelName": "Prisma_fit",
        "Modality": "MR",
        "NumberOfAverages": 1.0,
        "NumberOfPhaseEncodingSteps": 104,
        "PercentPhaseFieldOfView": 100.0,
        "PercentSampling": 100.0,
        "PerformedProcedureStepStartTime": "134348.280000",
        "PhotometricInterpretation": "MONOCHROME2",
        "PixelBandwidth": 2290.0,
        "PixelRepresentation": 0,
        "PixelSpacing": [
          2.0,
          2.0
        ],
        "ProtocolName": "func_task-shinobi_run-1",
        "RepetitionTime": 1490.0,
        "Rows": 832,
        "SAR": 0.0303228433033,
        "SamplesPerPixel": 1,
        "ScanOptions": "FS",
        "ScanningSequence": "EP",
        "SequenceName": "epfid2d1_104",
        "SequenceVariant": [
          "SK",
          "SS"
        ],
        "SeriesDescription": "func_task-shinobi_run-1",
        "SeriesNumber": 11,
        "SeriesTime": "153212.923000",
        "SliceLocation": -52.708393382257,
        "SliceThickness": 2.0,
        "SmallestImagePixelValue": 0,
        "SoftwareVersions": "syngo MR E11",
        "SpacingBetweenSlices": 2.0000000412299,
        "SpecificCharacterSet": "ISO_IR 100",
        "StudyID": "1",
        "StudyTime": "134348.198000",
        "TransmitCoilName": "Body",
        "VariableFlipAngleFlag": "N",
        "WindowCenterWidthExplanation": "Algo1",
        "dBdt": 0.0
      },
