{
  "aor": 0.0013059312839059673,
  "aqi": 0.021367421735985534,
  "bids_meta": {
    "AcquisitionMatrixPE": 104,
    "AcquisitionNumber": 1,
    "AcquisitionTime": "15:48:2.120000",
    "BandwidthPerPixelPhaseEncode": 17.17,
    "BaseResolution": 104,
    "BodyPartExamined": "BRAIN",
    "CoilString": "HC1-7;NC1_2",
    "ConsistencyInfo": "N4_VE11C_LATEST_20160120",
    "ConversionSoftware": "dcm2niix",
    "ConversionSoftwareVersion": "v1.0.20190902",
    "DerivedVendorReportedEchoSpacing": 0.000560011,
    "DeviceSerialNumber": "167006",
    "DwellTime": 2.1e-6,
    "EchoTime": 0.037,
    "EchoTrainLength": 104,
    "EffectiveEchoSpacing": 0.000560011,
    "FileSize": 0.5316477734595537,
    "FileSizeUnits": "GB",
    "FlipAngle": 52,
    "ImageComments": "Unaliased_MB4_PE3_LB",
    "ImageOrientationPatientDICOM": [
      0.99968,
      -0.0252111,
      0.00186216,
      0.0239079,
      0.918922,
      -0.393713
    ],
    "ImageType": [
      "ORIGINAL",
      "PRIMARY",
      "M",
      "MB",
      "ND",
      "MOSAIC"
    ],
    "ImagingFrequency": 123.259,
    "InPlanePhaseEncodingDirectionDICOM": "COL",
    "InstitutionAddress": "Chemin_Queen-Mary_4565_Montreal_District_CA_H3W_1W5",
    "InstitutionName": "IUGM",
    "InstitutionalDepartmentName": "Department",
    "MRAcquisitionType": "2D",
    "MagneticFieldStrength": 3,
    "Manufacturer": "Siemens",
    "ManufacturersModelName": "Prisma_fit",
    "Modality": "MR",
    "MultibandAccelerationFactor": 4,
    "NumberOfVolumes": 553,
    "PartialFourier": 1,
    "PatientPosition": "HFS",
    "PercentPhaseFOV": 100,
    "PhaseEncodingDirection": "j",
    "PhaseEncodingSteps": 104,
    "PhaseResolution": 1,
    "PixelBandwidth": 2290,
    "ProcedureStepDescription": "games_shinobi",
    "ProtocolName": "func_task-shinobi_run-3",
    "PulseSequenceDetails": "%CustomerSeq%_cmrr_mbep2d_bold",
    "ReceiveCoilActiveElements": "HC1-7;NC1,2",
    "ReceiveCoilName": "HeadNeck_64",
    "ReconMatrixPE": 104,
    "RepetitionTime": 1.49,
    "SAR": 0.0303155,
    "ScanOptions": "FS",
    "ScanningSequence": "EP",
    "SequenceName": "epfid2d1_104",
    "SequenceVariant": "SK_SS",
    "SeriesDescription": "func_task-shinobi_run-3",
    "SeriesNumber": 22,
    "ShimSetting": [
      639,
      -7263,
      -8840,
      563,
      32,
      -254,
      -114,
      -14
    ],
    "SliceThickness": 2,
    "SliceTiming": [
      0,
      0.7825,
      0.0975,
      0.88,
      0.195,
      0.9775,
      0.2925,
      1.0775,
      0.39,
      1.175,
      0.49,
      1.2725,
      0.5875,
      1.37,
      0.685,
      0,
      0.7825,
      0.0975,
      0.88,
      0.195,
      0.9775,
      0.2925,
      1.0775,
      0.39,
      1.175,
      0.49,
      1.2725,
      0.5875,
      1.37,
      0.685,
      0,
      0.7825,
      0.0975,
      0.88,
      0.195,
      0.9775,
      0.2925,
      1.0775,
      0.39,
      1.175,
      0.49,
      1.2725,
      0.5875,
      1.37,
      0.685,
      0,
      0.7825,
      0.0975,
      0.88,
      0.195,
      0.9775,
      0.2925,
      1.0775,
      0.39,
      1.175,
      0.49,
      1.2725,
      0.5875,
      1.37,
      0.685
    ],
    "SoftwareVersions": "syngo_MR_E11",
    "SpacingBetweenSlices": 2,
    "StationName": "MRC35049",
    "TaskName": "shinobi",
    "TotalReadoutTime": 0.0576811,
    "TxRefAmp": 218.826,
    "WipMemBlock": "1141b2a3-943c-4e9f-8e89-77a46d655ed1||Sequence: R016 ve11c/master r/e634e98; Dec 19 2017 11:00:25 by eja",
    "dataset": "<unset>",
    "datatype": "func",
    "dcmmeta_affine": [
      [
        -1.9993607997894287,
        0.0478157140314579,
        -0.016429530456662178,
        103.82215881347656
      ],
      [
        0.05042223259806633,
        1.8378448486328125,
        -0.7872635126113892,
        -63.12803268432617
      ],
      [
        0.003724318463355303,
        0.7874261140823364,
        1.8384630680084229,
        -72.35066223144531
      ],
      [
        0.0,
        0.0,
        0.0,
        1.0
      ]
    ],
    "dcmmeta_reorient_transform": [
      [
        0.0,
        -1.0,
        0.0,
        103.0
      ],
      [
        1.0,
        0.0,
        0.0,
        0.0
      ],
      [
        0.0,
        0.0,
        1.0,
        0.0
      ],
      [
        0.0,
        0.0,
        0.0,
        1.0
      ]
    ],
    "dcmmeta_shape": [
      104,
      104,
      60,
      553
    ],
    "dcmmeta_slice_dim": 2,
    "dcmmeta_version": 0.6,
    "extension": ".nii.gz",
    "global": {
      "const": {
        "AcquisitionMatrix": [
          104,
          0,
          0,
          104
        ],
        "AngioFlag": "N",
        "BitsAllocated": 16,
        "BitsStored": 16,
        "BodyPartExamined": "BRAIN",
        "Columns": 832,
        "EchoNumbers": 1,
        "EchoTime": 37.0,
        "EchoTrainLength": 104,
        "FlipAngle": 52.0,
        "HighBit": 15,
        "ImageOrientationPatient": [
          0.99968041494127,
          -0.0252111155221,
          0.00186215922611,
          0.0239078566826,
          0.9189224359047,
          -0.393713056908
        ],
        "ImagePositionPatient": [
          -853.91943737146,
          -776.79182902584,
          294.02168065121
        ],
        "ImageType": [
          "ORIGINAL",
          "PRIMARY",
          "M",
          "MB",
          "ND",
          "MOSAIC"
        ],
        "ImagedNucleus": "1H",
        "ImagingFrequency": 123.258988,
        "InPlanePhaseEncodingDirection": "COL",
        "MRAcquisitionType": "2D",
        "MagneticFieldStrength": 3.0,
        "Manufacturer": "SIEMENS",
        "ManufacturerModelName": "Prisma_fit",
        "Modality": "MR",
        "NumberOfAverages": 1.0,
        "NumberOfPhaseEncodingSteps": 104,
        "PercentPhaseFieldOfView": 100.0,
        "PercentSampling": 100.0,
        "PerformedProcedureStepStartTime": "150011.423000",
        "PhotometricInterpretation": "MONOCHROME2",
        "PixelBandwidth": 2290.0,
        "PixelRepresentation": 0,
        "PixelSpacing": [
          2.0,
          2.0
        ],
        "ProtocolName": "func_task-shinobi_run-3",
        "RepetitionTime": 1490.0,
        "Rows": 832,
        "SAR": 0.03031545251838,
        "SamplesPerPixel": 1,
        "ScanOptions": "FS",
        "ScanningSequence": "EP",
        "SequenceName": "epfid2d1_104",
        "SequenceVariant": [
          "SK",
          "SS"
        ],
        "SeriesDescription": "func_task-shinobi_run-3",
        "SeriesNumber": 22,
        "SeriesTime": "154931.210000",
        "SliceLocation": -42.510684533143,
        "SliceThickness": 2.0,
        "SmallestImagePixelValue": 0,
        "SoftwareVersions": "syngo MR E11",
        "SpacingBetweenSlices": 2.0000000258678,
        "SpecificCharacterSet": "ISO_IR 100",
        "StudyID": "1",
        "StudyTime": "150011.363000",
        "TransmitCoilName": "Body",
        "VariableFlipAngleFlag": "N",
        "WindowCenterWidthExplanation": "Algo1",
        "dBdt": 0.0
      },
