{
  "aor": 0.007157045009784735,
  "aqi": 0.04057237604696673,
  "bids_meta": {
    "AcquisitionMatrixPE": 104,
    "AcquisitionNumber": 1,
    "AcquisitionTime": "15:31:22.090000",
    "BandwidthPerPixelPhaseEncode": 17.17,
    "BaseResolution": 104,
    "BodyPartExamined": "BRAIN",
    "CoilString": "HC1-7;NC1_2",
    "ConsistencyInfo": "N4_VE11C_LATEST_20160120",
    "ConversionSoftware": "dcm2niix",
    "ConversionSoftwareVersion": "v1.0.20190902",
    "DerivedVendorReportedEchoSpacing": 0.000560011,
    "DeviceSerialNumber": "167006",
    "DwellTime": 2.1e-6,
    "EchoTime": 0.037,
    "EchoTrainLength": 104,
    "EffectiveEchoSpacing": 0.000560011,
    "FileSize": 0.4930582866072655,
    "FileSizeUnits": "GB",
    "FlipAngle": 52,
    "ImageComments": "Unaliased_MB4_PE3_LB",
    "ImageOrientationPatientDICOM": [
      0.998906,
      -0.0410682,
      0.0223598,
      0.0464083,
      0.929285,
      -0.366436
    ],
    "ImageType": [
      "ORIGINAL",
      "PRIMARY",
      "M",
      "MB",
      "ND",
      "MOSAIC"
    ],
    "ImagingFrequency": 123.259,
    "InPlanePhaseEncodingDirectionDICOM": "COL",
    "InstitutionAddress": "Chemin_Queen-Mary_4565_Montreal_District_CA_H3W_1W5",
    "InstitutionName": "IUGM",
    "InstitutionalDepartmentName": "Department",
    "MRAcquisitionType": "2D",
    "MagneticFieldStrength": 3,
    "Manufacturer": "Siemens",
    "ManufacturersModelName": "Prisma_fit",
    "Modality": "MR",
    "MultibandAccelerationFactor": 4,
    "NumberOfVolumes": 511,
    "PartialFourier": 1,
    "PatientPosition": "HFS",
    "PercentPhaseFOV": 100,
    "PhaseEncodingDirection": "j",
    "PhaseEncodingSteps": 104,
    "PhaseResolution": 1,
    "PixelBandwidth": 2290,
    "ProcedureStepDescription": "games_shinobi",
    "ProtocolName": "func_task-shinobi_run-2",
    "PulseSequenceDetails": "%CustomerSeq%_cmrr_mbep2d_bold",
    "ReceiveCoilActiveElements": "HC1-7;NC1,2",
    "ReceiveCoilName": "HeadNeck_64",
    "ReconMatrixPE": 104,
    "RepetitionTime": 1.49,
    "SAR": 0.0310167,
    "ScanOptions": "FS",
    "ScanningSequence": "EP",
    "SequenceName": "epfid2d1_104",
    "SequenceVariant": "SK_SS",
    "SeriesDescription": "func_task-shinobi_run-2",
    "SeriesNumber": 11,
    "ShimSetting": [
      639,
      -7250,
      -8858,
      582,
      35,
      -215,
      -97,
      -2
    ],
    "SliceThickness": 2,
    "SliceTiming": [
      0,
      0.785,
      0.0975,
      0.8825,
      0.195,
      0.98,
      0.295,
      1.0775,
      0.3925,
      1.175,
      0.49,
      1.275,
      0.5875,
      1.3725,
      0.685,
      0,
      0.785,
      0.0975,
      0.8825,
      0.195,
      0.98,
      0.295,
      1.0775,
      0.3925,
      1.175,
      0.49,
      1.275,
      0.5875,
      1.3725,
      0.685,
      0,
      0.785,
      0.0975,
      0.8825,
      0.195,
      0.98,
      0.295,
      1.0775,
      0.3925,
      1.175,
      0.49,
      1.275,
      0.5875,
      1.3725,
      0.685,
      0,
      0.785,
      0.0975,
      0.8825,
      0.195,
      0.98,
      0.295,
      1.0775,
      0.3925,
      1.175,
      0.49,
      1.275,
      0.5875,
      1.3725,
      0.685
    ],
    "SoftwareVersions": "syngo_MR_E11",
    "SpacingBetweenSlices": 2,
    "StationName": "MRC35049",
    "TaskName": "shinobi",
    "TotalReadoutTime": 0.0576811,
    "TxRefAmp": 220.857,
    "WipMemBlock": "e2df7d37-2c47-4720-b120-c72aa51aec36||Sequence: R016 ve11c/master r/e634e98; Dec 19 2017 11:00:25 by eja",
    "dataset": "<unset>",
    "datatype": "func",
    "dcmmeta_affine": [
      [
        -1.997812271118164,
        0.092816561460495,
        0.01145947352051735,
        101.42416381835938
      ],
      [
        0.08213643729686737,
        1.8585703372955322,
        -0.7341457605361938,
        -67.09059143066406
      ],
      [
        0.04471955820918083,
        0.7328720688819885,
        1.8603490591049194,
        -76.78048706054688
      ],
      [
        0.0,
        0.0,
        0.0,
        1.0
      ]
    ],
    "dcmmeta_reorient_transform": [
      [
        0.0,
        -1.0,
        0.0,
        103.0
      ],
      [
        1.0,
        0.0,
        0.0,
        0.0
      ],
      [
        0.0,
        0.0,
        1.0,
        0.0
      ],
      [
        0.0,
        0.0,
        0.0,
        1.0
      ]
    ],
    "dcmmeta_shape": [
      104,
      104,
      60,
      511
    ],
    "dcmmeta_slice_dim": 2,
    "dcmmeta_version": 0.6,
    "extension": ".nii.gz",
    "global": {
      "const": {
        "AcquisitionMatrix": [
          104,
          0,
          0,
          104
        ],
        "AngioFlag": "N",
        "BitsAllocated": 16,
        "BitsStored": 16,
        "BodyPartExamined": "BRAIN",
        "Columns": 832,
        "EchoNumbers": 1,
        "EchoTime": 37.0,
        "EchoTrainLength": 104,
        "FlipAngle": 52.0,
        "HighBit": 15,
        "ImageOrientationPatient": [
          0.99890612255503,
          -0.0410682184491,
          0.02235977986228,
          0.0464082798304,
          0.92928516146937,
          -0.366436024752
        ],
        "ImagePositionPatient": [
          -871.97315608981,
          -770.96408311017,
          249.19283772576
        ],
        "ImageType": [
          "ORIGINAL",
          "PRIMARY",
          "M",
          "MB",
          "ND",
          "MOSAIC"
        ],
        "ImagedNucleus": "1H",
        "ImagingFrequency": 123.258994,
        "InPlanePhaseEncodingDirection": "COL",
        "MRAcquisitionType": "2D",
        "MagneticFieldStrength": 3.0,
        "Manufacturer": "SIEMENS",
        "ManufacturerModelName": "Prisma_fit",
        "Modality": "MR",
        "NumberOfAverages": 1.0,
        "NumberOfPhaseEncodingSteps": 104,
        "PercentPhaseFieldOfView": 100.0,
        "PercentSampling": 100.0,
        "PerformedProcedureStepStartTime": "150305.160000",
        "PhotometricInterpretation": "MONOCHROME2",
        "PixelBandwidth": 2290.0,
        "PixelRepresentation": 0,
        "PixelSpacing": [
          2.0,
          2.0
        ],
        "ProtocolName": "func_task-shinobi_run-2",
        "RepetitionTime": 1490.0,
        "Rows": 832,
        "SAR": 0.03101671776334,
        "SamplesPerPixel": 1,
        "ScanOptions": "FS",
        "ScanningSequence": "EP",
        "SequenceName": "epfid2d1_104",
        "SequenceVariant": [
          "SK",
          "SS"
        ],
        "SeriesDescription": "func_task-shinobi_run-2",
        "SeriesNumber": 11,
        "SeriesTime": "153242.102000",
        "SliceLocation": -46.210986096686,
        "SliceThickness": 2.0,
        "SmallestImagePixelValue": 0,
        "SoftwareVersions": "syngo MR E11",
        "SpacingBetweenSlices": 2.000000022788,
        "SpecificCharacterSet": "ISO_IR 100",
        "StudyID": "1",
        "StudyTime": "150305.084000",
        "TransmitCoilName": "Body",
        "VariableFlipAngleFlag": "N",
        "WindowCenterWidthExplanation": "Algo1",
        "dBdt": 0.0
      },
