{
  "aor": 0.004695862785862787,
  "aqi": 0.029188034906444907,
  "bids_meta": {
    "AcquisitionMatrixPE": 104,
    "AcquisitionNumber": 1,
    "AcquisitionTime": "10:07:35.237500",
    "BandwidthPerPixelPhaseEncode": 17.17,
    "BaseResolution": 104,
    "BodyPartExamined": "BRAIN",
    "CoilString": "HC1-7;NC1_2",
    "ConsistencyInfo": "N4_VE11C_LATEST_20160120",
    "ConversionSoftware": "dcm2niix",
    "ConversionSoftwareVersion": "v1.0.20200427",
    "DerivedVendorReportedEchoSpacing": 0.000560011,
    "DeviceSerialNumber": "167006",
    "DwellTime": 2.1e-6,
    "EchoTime": 0.037,
    "EchoTrainLength": 104,
    "EffectiveEchoSpacing": 0.000560011,
    "FileSize": 0.49560863710939884,
    "FileSizeUnits": "GB",
    "FlipAngle": 52,
    "ImageComments": "Unaliased_MB4_PE3_LB",
    "ImageOrientationPatientDICOM": [
      0.999948,
      0.00688008,
      0.00753413,
      -0.00191977,
      0.852117,
      -0.523348
    ],
    "ImageType": [
      "ORIGINAL",
      "PRIMARY",
      "M",
      "MB",
      "ND",
      "MOSAIC"
    ],
    "ImagingFrequency": 123.259,
    "InPlanePhaseEncodingDirectionDICOM": "COL",
    "InstitutionAddress": "Chemin_Queen-Mary_4565_Montreal_District_CA_H3W_1W5",
    "InstitutionName": "IUGM",
    "InstitutionalDepartmentName": "Department",
    "MRAcquisitionType": "2D",
    "MagneticFieldStrength": 3,
    "Manufacturer": "Siemens",
    "ManufacturersModelName": "Prisma_fit",
    "Modality": "MR",
    "MultibandAccelerationFactor": 4,
    "NumberOfVolumes": 483,
    "PartialFourier": 1,
    "PatientPosition": "HFS",
    "PercentPhaseFOV": 100,
    "PercentSampling": 100,
    "PhaseEncodingDirection": "j",
    "PhaseEncodingSteps": 104,
    "PhaseResolution": 1,
    "PixelBandwidth": 2290,
    "ProcedureStepDescription": "games_shinobi",
    "ProtocolName": "func_task-shinobi_run-3",
    "PulseSequenceDetails": "%CustomerSeq%_cmrr_mbep2d_bold",
    "ReceiveCoilActiveElements": "HC1-7;NC1,2",
    "ReceiveCoilName": "HeadNeck_64",
    "ReconMatrixPE": 104,
    "RepetitionTime": 1.49,
    "SAR": 0.0273664,
    "ScanOptions": "FS",
    "ScanningSequence": "EP",
    "SequenceName": "epfid2d1_104",
    "SequenceVariant": "SK_SS",
    "SeriesDescription": "func_task-shinobi_run-3",
    "SeriesNumber": 13,
    "ShimSetting": [
      619,
      -7179,
      -8881,
      371,
      9,
      -190,
      -27,
      8
    ],
    "SliceThickness": 2,
    "SliceTiming": [
      0,
      0.785,
      0.0975,
      0.8825,
      0.195,
      0.98,
      0.295,
      1.0775,
      0.3925,
      1.175,
      0.49,
      1.2725,
      0.5875,
      1.3725,
      0.685,
      0,
      0.785,
      0.0975,
      0.8825,
      0.195,
      0.98,
      0.295,
      1.0775,
      0.3925,
      1.175,
      0.49,
      1.2725,
      0.5875,
      1.3725,
      0.685,
      0,
      0.785,
      0.0975,
      0.8825,
      0.195,
      0.98,
      0.295,
      1.0775,
      0.3925,
      1.175,
      0.49,
      1.2725,
      0.5875,
      1.3725,
      0.685,
      0,
      0.785,
      0.0975,
      0.8825,
      0.195,
      0.98,
      0.295,
      1.0775,
      0.3925,
      1.175,
      0.49,
      1.2725,
      0.5875,
      1.3725,
      0.685
    ],
    "SoftwareVersions": "syngo_MR_E11",
    "SpacingBetweenSlices": 2,
    "StationName": "MRC35049",
    "TaskName": "shinobi",
    "TotalReadoutTime": 0.0576811,
    "TxRefAmp": 230.736,
    "WipMemBlock": "c5d44c2a-54db-4f63-a5ad-f71fa9ba1eb1||Sequence: R016 ve11c/master r/e634e98; Dec 19 2017 11:00:25 by eja",
    "dataset": "<unset>",
    "datatype": "func",
    "dcmmeta_affine": [
      [
        -1.9998959302902222,
        -0.00383953470736742,
        0.02004126086831093,
        106.45889282226562
      ],
      [
        -0.013760159723460674,
        1.70423424243927,
        -1.0466117858886719,
        -47.07535934448242
      ],
      [
        0.015068250708281994,
        1.0466952323913574,
        1.7041720151901245,
        -102.17871856689453
      ],
      [
        0.0,
        0.0,
        0.0,
        1.0
      ]
    ],
    "dcmmeta_reorient_transform": [
      [
        0.0,
        -1.0,
        0.0,
        103.0
      ],
      [
        1.0,
        0.0,
        0.0,
        0.0
      ],
      [
        0.0,
        0.0,
        1.0,
        0.0
      ],
      [
        0.0,
        0.0,
        0.0,
        1.0
      ]
    ],
    "dcmmeta_shape": [
      104,
      104,
      60,
      483
    ],
    "dcmmeta_slice_dim": 2,
    "dcmmeta_version": 0.6,
    "extension": ".nii.gz",
    "global": {
      "const": {
        "AcquisitionMatrix": [
          104,
          0,
          0,
          104
        ],
        "AngioFlag": "N",
        "BitsAllocated": 16,
        "BitsStored": 16,
        "BodyPartExamined": "BRAIN",
        "Columns": 832,
        "EchoNumbers": 1,
        "EchoTime": 37.0,
        "EchoTrainLength": 104,
        "FlipAngle": 52.0,
        "HighBit": 15,
        "ImageOrientationPatient": [
          0.99994794937198,
          0.00688008001102,
          0.00753412541855,
          -0.0019197673439,
          0.85211712203654,
          -0.5233476137573
        ],
        "ImagePositionPatient": [
          -832.6279334703,
          -753.81072932403,
          381.1431084612
        ],
        "ImageType": [
          "ORIGINAL",
          "PRIMARY",
          "M",
          "MB",
          "ND",
          "MOSAIC"
        ],
        "ImagedNucleus": "1H",
        "ImagingFrequency": 123.259081,
        "InPlanePhaseEncodingDirection": "COL",
        "MRAcquisitionType": "2D",
        "MagneticFieldStrength": 3.0,
        "Manufacturer": "SIEMENS",
        "ManufacturerModelName": "Prisma_fit",
        "Modality": "MR",
        "NumberOfAverages": 1.0,
        "NumberOfPhaseEncodingSteps": 104,
        "PercentPhaseFieldOfView": 100.0,
        "PercentSampling": 100.0,
        "PerformedProcedureStepStartTime": "091523.933000",
        "PhotometricInterpretation": "MONOCHROME2",
        "PixelBandwidth": 2290.0,
        "PixelRepresentation": 0,
        "PixelSpacing": [
          2.0,
          2.0
        ],
        "ProtocolName": "func_task-shinobi_run-3",
        "RepetitionTime": 1490.0,
        "Rows": 832,
        "SAR": 0.02736638374967,
        "SamplesPerPixel": 1,
        "ScanOptions": "FS",
        "ScanningSequence": "EP",
        "SequenceName": "epfid2d1_104",
        "SequenceVariant": [
          "SK",
          "SS"
        ],
        "SeriesDescription": "func_task-shinobi_run-3",
        "SeriesNumber": 13,
        "SeriesTime": "100906.740000",
        "SliceLocation": -61.363454250927,
        "SliceThickness": 2.0,
        "SmallestImagePixelValue": 0,
        "SoftwareVersions": "syngo MR E11",
        "SpacingBetweenSlices": 2.0000000157959,
        "SpecificCharacterSet": "ISO_IR 100",
        "StudyID": "1",
        "StudyTime": "091523.831000",
        "TransmitCoilName": "Body",
        "VariableFlipAngleFlag": "N",
        "WindowCenterWidthExplanation": "Algo1",
        "dBdt": 0.0
      },
